GEM
  remote: https://rubygems.org/
  specs:
    addressable (2.5.2)
      public_suffix (>= 2.0.2, < 4.0)
    jekyll-paginate (1.1.0)
    kramdown (1.15.0)
    public_suffix (3.0.0)

PLATFORMS
  x64-mingw32

DEPENDENCIES
  addressable
  jekyll-paginate
  kramdown

BUNDLED WITH
   1.15.4
